PATH
  remote: .
  specs:
    rocketchat-notifier-webhook (0.1.3)
      httparty (~> 0.16.2, >= 0.16.2)

GEM
  remote: https://rubygems.org/
  specs:
    httparty (0.16.2)
      multi_xml (>= 0.5.2)
    minitest (5.11.3)
    multi_xml (0.6.0)
    rake (10.5.0)

PLATFORMS
  ruby

DEPENDENCIES
  bundler (~> 1.13)
  minitest (~> 5.0)
  rake (~> 10.0)
  rocketchat-notifier-webhook!

BUNDLED WITH
   1.16.2
